GEM
  remote: https://rubygems.org/
  specs:
    backports (3.6.3)
    connection_pool (2.0.0)
    daemons (1.1.9)
    eventmachine (1.0.3)
    json (1.8.1)
    little-plugger (1.1.3)
    logging (1.8.2)
      little-plugger (>= 1.1.3)
      multi_json (>= 1.8.4)
    multi_json (1.10.1)
    netrc (0.7.9)
    rack (1.5.2)
    rack-protection (1.5.3)
      rack
    rack-test (0.6.2)
      rack (>= 1.0)
    rest_client (1.8.1)
      netrc (~> 0.7.7)
    rethinkdb (1.15.0.0)
      json
    sinatra (1.4.5)
      rack (~> 1.4)
      rack-protection (~> 1.4)
      tilt (~> 1.3, >= 1.3.4)
    sinatra-contrib (1.4.2)
      backports (>= 2.0)
      multi_json
      rack-protection
      rack-test
      sinatra (~> 1.4.0)
      tilt (~> 1.3)
    thin (1.6.3)
      daemons (~> 1.0, >= 1.0.9)
      eventmachine (~> 1.0)
      rack (~> 1.0)
    tilt (1.4.1)

PLATFORMS
  ruby

DEPENDENCIES
  connection_pool
  logging
  rest_client
  rethinkdb
  sinatra
  sinatra-contrib
  thin
