GEM
  remote: https://rubygems.org/
  specs:
    builder (3.2.2)
    little-plugger (1.1.3)
    logging (1.8.2)
      little-plugger (>= 1.1.3)
      multi_json (>= 1.8.4)
    multi_json (1.10.1)
    netrc (0.7.9)
    rest_client (1.8.2)
      netrc (~> 0.7.7)

PLATFORMS
  ruby

DEPENDENCIES
  builder
  logging
  rest_client
